GEM
  remote: http://rubygems.org/
  specs:
    diff-lcs (1.1.3)
    facter (1.6.10)
    metaclass (0.0.1)
    mocha (0.12.1)
      metaclass (~> 0.0.1)
    puppet (2.7.14)
      facter (>= 1.5.1)
    puppetlabs_spec_helper (0.2.0)
      mocha (>= 0.10.5)
      rake
      rspec (>= 2.9.0)
      rspec-puppet (>= 0.1.1)
    rake (0.9.2.2)
    rspec (2.11.0)
      rspec-core (~> 2.11.0)
      rspec-expectations (~> 2.11.0)
      rspec-mocks (~> 2.11.0)
    rspec-core (2.11.1)
    rspec-expectations (2.11.1)
      diff-lcs (~> 1.1.3)
    rspec-mocks (2.11.1)
    rspec-puppet (0.1.3)
      rspec

PLATFORMS
  ruby

DEPENDENCIES
  puppet (= 2.7.14)
  puppetlabs_spec_helper
